GEM
  remote: https://rubygems.org/
  specs:
    ffi (1.10.0)
    json (2.2.0)
    minitest (5.11.3)
    rbnacl (6.0.1)
      ffi

PLATFORMS
  ruby

DEPENDENCIES
  json
  minitest
  rbnacl

BUNDLED WITH
   1.17.2
